PATH
  remote: .
  specs:
    feedbag (0.9.8)
      nokogiri (~> 1.0)
      open_uri_redirections (~> 0.2)

GEM
  remote: https://rubygems.org/
  specs:
    activesupport (5.2.0)
      concurrent-ruby (~> 1.0, >= 1.0.2)
      i18n (>= 0.7, < 2)
      minitest (~> 5.1)
      tzinfo (~> 1.1)
    addressable (2.5.1)
      public_suffix (~> 2.0, >= 2.0.2)
    concurrent-ruby (1.0.5)
    crack (0.4.3)
      safe_yaml (~> 1.0.0)
    hashdiff (0.3.4)
    i18n (1.0.1)
      concurrent-ruby (~> 1.0)
    metaclass (0.0.4)
    mini_portile2 (2.3.0)
    minitest (5.11.3)
    mocha (0.14.0)
      metaclass (~> 0.0.1)
    nokogiri (1.8.4)
      mini_portile2 (~> 2.3.0)
    open_uri_redirections (0.2.1)
    public_suffix (2.0.5)
    rake (12.3.1)
    safe_yaml (1.0.4)
    shoulda (3.6.0)
      shoulda-context (~> 1.0, >= 1.0.1)
      shoulda-matchers (~> 3.0)
    shoulda-context (1.2.2)
    shoulda-matchers (3.1.2)
      activesupport (>= 4.0.0)
    thread_safe (0.3.6)
    tzinfo (1.2.5)
      thread_safe (~> 0.1)
    webmock (3.0.1)
      addressable (>= 2.3.6)
      crack (>= 0.3.2)
      hashdiff

PLATFORMS
  ruby

DEPENDENCIES
  feedbag!
  mocha (~> 0.14, >= 0.14.0)
  rake
  shoulda (~> 3, >= 3.6.0)
  webmock (~> 3)

BUNDLED WITH
   1.16.2
